GIT
  remote: https://github.com/larrow/larrow-registry
  revision: 461d72c0672b53765fddeffcb7e0611c987ef8e2
  specs:
    larrow-registry (0.1.0)
      base32 (~> 0.3)
      httparty (~> 0.13)
      jwt (~> 1.5)

GEM
  remote: https://rubygems.org/
  specs:
    base32 (0.3.2)
    concurrent-ruby (1.2.3)
    connection_pool (2.4.1)
    httparty (0.21.0)
      mini_mime (>= 1.0.0)
      multi_xml (>= 0.5.2)
    jwt (1.5.6)
    mini_mime (1.1.5)
    multi_xml (0.6.0)
    rack (2.2.8.1)
    redis (4.8.1)
    redis-namespace (1.11.0)
      redis (>= 4)
    rufus-scheduler (3.3.1)
      tzinfo
    sidekiq (6.5.10)
      connection_pool (>= 2.2.5, < 3)
      rack (~> 2.0)
      redis (>= 4.5.0, < 5)
    sidekiq-cron (0.4.5)
      redis-namespace (>= 1.5.2)
      rufus-scheduler (>= 2.0.24)
      sidekiq (>= 4.2.1)
    tzinfo (2.0.6)
      concurrent-ruby (~> 1.0)

PLATFORMS
  ruby

DEPENDENCIES
  httparty
  larrow-registry!
  sidekiq
  sidekiq-cron

BUNDLED WITH
   1.13.5
